GIT
  remote: https://github.com/panorama-ed/panolint-ruby.git
  revision: f3fde1ecdaec4090c200346b4aa8c35c0ad13135
  branch: main
  specs:
    panolint-ruby (0)
      rubocop (= 1.64.1)
      rubocop-performance (= 1.20.2)
      rubocop-rspec (= 2.29.2)

PATH
  remote: .
  specs:
    memo_wise (1.9.0)

GEM
  remote: https://rubygems.org/
  specs:
    ansi (1.5.0)
    ast (2.4.2)
    diff-lcs (1.5.1)
    docile (1.4.0)
    dokaz (0.0.5)
      ansi
      rouge (~> 4)
      slop (~> 3)
    json (2.7.2)
    language_server-protocol (3.17.0.3)
    minitest (5.18.0)
    parallel (1.24.0)
    parser (3.3.2.0)
      ast (~> 2.4.1)
      racc
    racc (1.8.0)
    rainbow (3.1.1)
    rake (13.1.0)
    redcarpet (3.6.0)
    regexp_parser (2.8.0)
    rexml (3.2.8)
      strscan (>= 3.0.9)
    rouge (4.1.0)
    rspec (3.13.0)
      rspec-core (~> 3.13.0)
      rspec-expectations (~> 3.13.0)
      rspec-mocks (~> 3.13.0)
    rspec-core (3.13.0)
      rspec-support (~> 3.13.0)
    rspec-expectations (3.13.0)
      diff-lcs (>= 1.2.0, < 2.0)
      rspec-support (~> 3.13.0)
    rspec-mocks (3.13.0)
      diff-lcs (>= 1.2.0, < 2.0)
      rspec-support (~> 3.13.0)
    rspec-support (3.13.1)
    rubocop (1.64.1)
      json (~> 2.3)
      language_server-protocol (>= 3.17.0)
      parallel (~> 1.10)
      parser (>= 3.3.0.2)
      rainbow (>= 2.2.2, < 4.0)
      regexp_parser (>= 1.8, < 3.0)
      rexml (>= 3.2.5, < 4.0)
      rubocop-ast (>= 1.31.1, < 2.0)
      ruby-progressbar (~> 1.7)
      unicode-display_width (>= 2.4.0, < 3.0)
    rubocop-ast (1.31.3)
      parser (>= 3.3.1.0)
    rubocop-capybara (2.20.0)
      rubocop (~> 1.41)
    rubocop-factory_bot (2.25.1)
      rubocop (~> 1.41)
    rubocop-performance (1.20.2)
      rubocop (>= 1.48.1, < 2.0)
      rubocop-ast (>= 1.30.0, < 2.0)
    rubocop-rspec (2.29.2)
      rubocop (~> 1.40)
      rubocop-capybara (~> 2.17)
      rubocop-factory_bot (~> 2.22)
      rubocop-rspec_rails (~> 2.28)
    rubocop-rspec_rails (2.28.3)
      rubocop (~> 1.40)
    ruby-progressbar (1.13.0)
    simplecov (0.22.0)
      docile (~> 1.1)
      simplecov-html (~> 0.11)
      simplecov_json_formatter (~> 0.1)
    simplecov-cobertura (2.1.0)
      rexml
      simplecov (~> 0.19)
    simplecov-html (0.12.3)
    simplecov_json_formatter (0.1.4)
    slop (3.6.0)
    strscan (3.1.0)
    unicode-display_width (2.4.2)
    values (1.8.0)
    webrick (1.8.1)
    yard (0.9.36)
    yard-doctest (0.1.17)
      minitest
      yard

PLATFORMS
  ruby

DEPENDENCIES
  dokaz (~> 0.0.5)
  memo_wise!
  panolint-ruby!
  rake
  redcarpet (~> 3.6)
  rspec (~> 3.13)
  simplecov
  simplecov-cobertura
  values (~> 1)
  webrick (~> 1.8)
  yard (~> 0.9)
  yard-doctest (~> 0.1)

BUNDLED WITH
   2.3.8
