GIT
  remote: https://github.com/panorama-ed/panolint-ruby.git
  revision: a93988ea554177cf0ec9ef636c442f9d3af49a10
  branch: main
  specs:
    panolint-ruby (0)
      rubocop (= 1.51.0)
      rubocop-performance (= 1.18.0)
      rubocop-rspec (= 2.22.0)

PATH
  remote: .
  specs:
    memo_wise (1.8.0)

GEM
  remote: https://rubygems.org/
  specs:
    ansi (1.5.0)
    ast (2.4.2)
    diff-lcs (1.5.1)
    docile (1.4.0)
    dokaz (0.0.5)
      ansi
      rouge (~> 4)
      slop (~> 3)
    json (2.6.3)
    minitest (5.18.0)
    parallel (1.23.0)
    parser (3.2.2.1)
      ast (~> 2.4.1)
    rainbow (3.1.1)
    rake (13.0.6)
    redcarpet (3.6.0)
    regexp_parser (2.8.0)
    rexml (3.2.5)
    rouge (4.1.0)
    rspec (3.13.0)
      rspec-core (~> 3.13.0)
      rspec-expectations (~> 3.13.0)
      rspec-mocks (~> 3.13.0)
    rspec-core (3.13.0)
      rspec-support (~> 3.13.0)
    rspec-expectations (3.13.0)
      diff-lcs (>= 1.2.0, < 2.0)
      rspec-support (~> 3.13.0)
    rspec-mocks (3.13.0)
      diff-lcs (>= 1.2.0, < 2.0)
      rspec-support (~> 3.13.0)
    rspec-support (3.13.1)
    rubocop (1.51.0)
      json (~> 2.3)
      parallel (~> 1.10)
      parser (>= 3.2.0.0)
      rainbow (>= 2.2.2, < 4.0)
      regexp_parser (>= 1.8, < 3.0)
      rexml (>= 3.2.5, < 4.0)
      rubocop-ast (>= 1.28.0, < 2.0)
      ruby-progressbar (~> 1.7)
      unicode-display_width (>= 2.4.0, < 3.0)
    rubocop-ast (1.28.1)
      parser (>= 3.2.1.0)
    rubocop-capybara (2.18.0)
      rubocop (~> 1.41)
    rubocop-factory_bot (2.23.1)
      rubocop (~> 1.33)
    rubocop-performance (1.18.0)
      rubocop (>= 1.7.0, < 2.0)
      rubocop-ast (>= 0.4.0)
    rubocop-rspec (2.22.0)
      rubocop (~> 1.33)
      rubocop-capybara (~> 2.17)
      rubocop-factory_bot (~> 2.22)
    ruby-progressbar (1.13.0)
    simplecov (0.22.0)
      docile (~> 1.1)
      simplecov-html (~> 0.11)
      simplecov_json_formatter (~> 0.1)
    simplecov-cobertura (2.1.0)
      rexml
      simplecov (~> 0.19)
    simplecov-html (0.12.3)
    simplecov_json_formatter (0.1.4)
    slop (3.6.0)
    unicode-display_width (2.4.2)
    values (1.8.0)
    webrick (1.8.1)
    yard (0.9.36)
    yard-doctest (0.1.17)
      minitest
      yard

PLATFORMS
  ruby

DEPENDENCIES
  dokaz (~> 0.0.5)
  memo_wise!
  panolint-ruby!
  rake
  redcarpet (~> 3.6)
  rspec (~> 3.13)
  simplecov
  simplecov-cobertura
  values (~> 1)
  webrick (~> 1.8)
  yard (~> 0.9)
  yard-doctest (~> 0.1)

BUNDLED WITH
   2.3.8
